NUGET
  remote: https://nuget.org/api/v2
  specs:
    FAKE (3.14.0)
    FSharp.Compiler.Service (0.0.81)
    FSharp.Formatting (2.6.1)
      FSharp.Compiler.Service (>= 0.0.81)
    FSharp.Management (0.2.0)
    FsUnit (1.3.0.1)
      NUnit (>= 2.6.3)
    IKVM (8.0.5449.1)
    NuGet.CommandLine (2.8.3)
    NUnit (2.6.3)
    NUnit.Runners (2.6.3)
HTTP
  remote: http://www.frijters.net/ikvmbin-8.0.5449.0.zip
  specs:
    ikvmbin-8.0.5449.0.zip
  remote: http://nlp.stanford.edu/software/stanford-corenlp-full-2014-10-31.zip
  specs:
    stanford-corenlp-full-2014-10-31.zip
  remote: http://nlp.stanford.edu/software/stanford-ner-2014-10-26.zip
  specs:
    stanford-ner-2014-10-26.zip
  remote: http://nlp.stanford.edu/software/stanford-parser-full-2014-10-31.zip
  specs:
    stanford-parser-full-2014-10-31.zip
  remote: http://nlp.stanford.edu/software/stanford-postagger-full-2014-10-26.zip
  specs:
    stanford-postagger-full-2014-10-26.zip
  remote: http://nlp.stanford.edu/software/stanford-segmenter-2014-10-26.zip
  specs:
    stanford-segmenter-2014-10-26.zip