NUGET
  remote: https://nuget.org/api/v2
  specs:
    FAKE (3.17.0)
    FSharp.Compiler.Service (0.0.82)
    FSharp.Formatting (2.7.4)
      FSharp.Compiler.Service (>= 0.0.82)
      FSharpVSPowerTools.Core (>= 1.7.0)
    FSharp.Management (0.2.0)
    FSharpVSPowerTools.Core (1.7.0)
      FSharp.Compiler.Service (>= 0.0.81)
    FsUnit (1.3.0.1)
      NUnit (>= 2.6.3)
    IKVM (8.0.5449.1)
    NuGet.CommandLine (2.8.3)
    NUnit (2.6.3)
    NUnit.Runners (2.6.3)
HTTP
  remote: http://www.frijters.net
  specs:
    ikvmbin-8.0.5449.1.zip (/ikvmbin-8.0.5449.1.zip)
  remote: http://nlp.stanford.edu
  specs:
    stanford-corenlp-full-2015-01-29.zip (/software/stanford-corenlp-full-2015-01-29.zip)
    stanford-ner-2015-01-29.zip (/software/stanford-ner-2015-01-29.zip)
    stanford-parser-full-2015-01-29.zip (/software/stanford-parser-full-2015-01-29.zip)
    stanford-postagger-full-2015-01-29.zip (/software/stanford-postagger-full-2015-01-29.zip)
    stanford-segmenter-2015-01-29.zip (/software/stanford-segmenter-2015-01-29.zip)